GEM
  remote: http://rubygems.org/
  specs:
    ffi (1.9.0-x86-mingw32)

PLATFORMS
  x86-mingw32

DEPENDENCIES
  ffi (= 1.9.0)
